GEM
  remote: https://rubygems.org/
  specs:
    livingstyleguide (2.0.0.alpha.8)
      minisyntax (>= 0.2.5)
      redcarpet (~> 3.0.0)
      sass
      thor
      tilt
    minisyntax (0.2.5)
    rack (1.6.1)
    redcarpet (3.0.0)
    sass (3.4.15)
    thor (0.19.1)
    tilt (2.0.1)

PLATFORMS
  ruby

DEPENDENCIES
  livingstyleguide (= 2.0.0.alpha.8)
  rack
