PATH
  remote: /Users/Anyelina/Documents/livingstyleguide
  specs:
    livingstyleguide (2.0.0.alpha.10)
      minisyntax (>= 0.2.5)
      redcarpet
      sass
      thor
      tilt

GEM
  specs:
    coffee-script (2.4.1)
      coffee-script-source
      execjs
    coffee-script-source (1.9.1.1)
    execjs (2.5.2)
    minisyntax (0.2.5)
    redcarpet (3.3.2)
    sass (3.4.16)
    thor (0.19.1)
    tilt (2.0.1)

PLATFORMS
  ruby

DEPENDENCIES
  coffee-script (= 2.4.1)
  livingstyleguide!
  sass (= 3.4.16)
